GIT
  remote: git://github.com/cloudfoundry/console-vmc-plugin.git
  revision: 1b281d0a74dc50de34c736b4945fd7bdc3d53331
  specs:
    console-vmc-plugin (0.1.1)
      tunnel-vmc-plugin (~> 0.2.0)

GIT
  remote: git://github.com/cloudfoundry/tunnel-vmc-plugin.git
  revision: d61318c67165d56ad4662294f661802ecfdd398c
  specs:
    tunnel-vmc-plugin (0.2.1.rc1)
      addressable (~> 2.2)
      caldecott-client (~> 0.0.2)
      cfoundry (~> 0.5.0)
      rest-client (~> 1.6)
      uuidtools (~> 2.1)

GIT
  remote: git://github.com/cloudfoundry/vmc-lib.git
  revision: e11ddf5d7e9fce165a1f917bd4a9dbd4ecb0739f
  submodules: true
  specs:
    cfoundry (0.5.1.rc2)
      cf-uaa-lib (~> 1.3.3)
      multi_json (~> 1.3)
      multipart-post (~> 1.1)
      rubyzip (~> 0.9)

GEM
  remote: http://rubygems.org/
  specs:
    activesupport (3.2.9)
      i18n (~> 0.6)
      multi_json (~> 1.0)
    addressable (2.2.8)
    async_sinatra (0.5.0)
      rack (>= 1.2.1)
      sinatra (>= 1.0)
    bson (1.8.0)
      activesupport
    bson_ext (1.8.0)
      bson (~> 1.8.0)
    caldecott (0.0.5)
      addressable (~> 2.2.6)
      async_sinatra (~> 0.5.0)
      em-http-request (~> 0.3.0)
      em-websocket (~> 0.3.1)
      json (~> 1.6.1)
      uuidtools (~> 2.1.2)
    caldecott-client (0.0.2)
      multi_json (~> 1.3)
    cf-uaa-lib (1.3.3)
      multi_json
    cf-uaac (1.3.3)
      cf-uaa-lib (>= 1.3.3, <= 1.3.3)
      em-http-request (= 0.3.0)
      eventmachine
      highline
      json_pure
      launchy
    diff-lcs (1.1.3)
    em-http-request (0.3.0)
      addressable (>= 2.0.0)
      escape_utils
      eventmachine (>= 0.12.9)
    em-websocket (0.3.8)
      addressable (>= 2.1.1)
      eventmachine (>= 0.12.9)
    escape_utils (0.2.4)
    eventmachine (1.0.0)
    fuubar (1.1.0)
      rspec (~> 2.0)
      rspec-instafail (~> 0.2.0)
      ruby-progressbar (~> 1.0.0)
    highline (1.6.15)
    i18n (0.6.1)
    interact (0.5.0)
    json (1.6.7)
    json_pure (1.7.5)
    launchy (2.1.0)
      addressable (~> 2.2.6)
    mime-types (1.20.1)
    mongo (1.8.0)
      bson (~> 1.8.0)
    multi_json (1.5.0)
    multipart-post (1.2.0)
    nokogiri (1.5.5)
    progressbar (0.11.0)
    rack (1.5.1)
    rack-protection (1.3.2)
      rack
    rake (10.0.2)
    rest-client (1.6.7)
      mime-types (>= 1.16)
    rspec (2.12.0)
      rspec-core (~> 2.12.0)
      rspec-expectations (~> 2.12.0)
      rspec-mocks (~> 2.12.0)
    rspec-core (2.12.1)
    rspec-expectations (2.12.0)
      diff-lcs (~> 1.1.3)
    rspec-instafail (0.2.4)
    rspec-mocks (2.12.0)
    rspec_parallel (0.1.6)
      progressbar (>= 0.11.0)
    ruby-progressbar (1.0.2)
    rubyzip (0.9.9)
    sinatra (1.3.4)
      rack (~> 1.4)
      rack-protection (~> 1.3)
      tilt (~> 1.3, >= 1.3.3)
    tilt (1.3.3)
    uuidtools (2.1.3)
    vcap_logging (1.0.0)
      rake
    yajl-ruby (1.1.0)

PLATFORMS
  ruby

DEPENDENCIES
  bson_ext
  caldecott
  cf-uaac (= 1.3.3)
  cfoundry!
  console-vmc-plugin!
  fuubar
  interact
  mongo
  nokogiri
  progressbar (~> 0.11.0)
  rake
  rest-client
  rspec
  rspec_parallel (>= 0.1.6)
  tunnel-vmc-plugin!
  vcap_logging (>= 1.0)
  yajl-ruby
